GEM
  remote: https://rubygems.org/
  specs:
    execjs (2.6.0)
    mini_portile2 (2.0.0)
    nokogiri (1.6.7.1)
      mini_portile2 (~> 2.0.0.rc2)
    rack (1.6.4)
    rack-protection (1.5.3)
      rack
    redis (3.2.2)
    sinatra (1.4.6)
      rack (~> 1.4)
      rack-protection (~> 1.4)
      tilt (>= 1.3, < 3)
    slim (3.0.6)
      temple (~> 0.7.3)
      tilt (>= 1.3.3, < 2.1)
    stylus (1.0.1)
      execjs
      stylus-source
    stylus-source (0.49.3)
    temple (0.7.6)
    tilt (2.0.1)

PLATFORMS
  ruby

DEPENDENCIES
  nokogiri
  redis
  sinatra
  slim
  stylus

BUNDLED WITH
   1.11.2
